GEM
  remote: https://rubygems.org/
  specs:
    builder (3.2.2)
    capybara (2.1.0)
      mime-types (>= 1.16)
      nokogiri (>= 1.3.3)
      rack (>= 1.0.0)
      rack-test (>= 0.5.4)
      xpath (~> 2.0)
    childprocess (0.3.9)
      ffi (~> 1.0, >= 1.0.11)
    cucumber (1.2.1)
      builder (>= 2.1.2)
      diff-lcs (>= 1.1.3)
      gherkin (~> 2.11.0)
      json (>= 1.4.6)
    diff-lcs (1.2.4)
    ffi (1.9.0-java)
    gherkin (2.11.8-java)
      multi_json (~> 1.3)
    git (1.2.6)
    json (1.8.0-java)
    little-plugger (1.1.3)
    logging (1.8.0)
      little-plugger (>= 1.1.3)
      multi_json (>= 1.3.6)
    maestro-plugin-rake-tasks (1.0.6)
      git
      json (>= 1.4.6)
      nokogiri
      rake (>= 0.9.2)
      zippy
    maestro_plugin (0.0.17)
      json (>= 1.4.6)
      logging (= 1.8.0)
      rubyzip (= 0.9.8)
    maestro_shell (0.0.8)
      childprocess (>= 0.3.9)
      json (>= 1.4.6)
      logging (= 1.8.0)
      rubyzip (= 0.9.8)
    metaclass (0.0.1)
    mime-types (1.25)
    mini_portile (0.5.1)
    mocha (0.10.0)
      metaclass (~> 0.0.1)
    multi_json (1.7.9)
    nokogiri (1.6.0-java)
      mini_portile (~> 0.5.0)
    rack (1.5.2)
    rack-test (0.6.2)
      rack (>= 1.0)
    rake (10.1.0)
    rcov (0.9.11-java)
    rspec (2.14.1)
      rspec-core (~> 2.14.0)
      rspec-expectations (~> 2.14.0)
      rspec-mocks (~> 2.14.0)
    rspec-core (2.14.5)
    rspec-expectations (2.14.2)
      diff-lcs (>= 1.1.3, < 2.0)
    rspec-mocks (2.14.3)
    rubyzip (0.9.8)
    xpath (2.0.0)
      nokogiri (~> 1.3)
    zippy (0.2.1)
      rubyzip (>= 0.9.1)

PLATFORMS
  java

DEPENDENCIES
  capybara
  cucumber (= 1.2.1)
  git
  maestro-plugin-rake-tasks
  maestro_plugin (>= 0.0.17)
  maestro_shell (>= 0.0.8)
  mocha (= 0.10.0)
  nokogiri
  rake (>= 0.9.2)
  rcov (= 0.9.11)
  rspec
  zippy
