GEM
  remote: https://rubygems.org/
  specs:
    addressable (2.3.2)
    andand (1.3.3)
    blankslate (2.1.2.4)
    bouncy-castle-java (1.5.0147)
    builder (2.1.2)
    capybara (1.1.2)
      mime-types (>= 1.16)
      nokogiri (>= 1.3.3)
      rack (>= 1.0.0)
      rack-test (>= 0.5.4)
      selenium-webdriver (~> 2.0)
      xpath (~> 0.1.4)
    childprocess (0.3.6)
      ffi (~> 1.0, >= 1.0.6)
    columnize (0.3.6)
    cucumber (1.2.1)
      builder (>= 2.1.2)
      diff-lcs (>= 1.1.3)
      gherkin (~> 2.11.0)
      json (>= 1.4.6)
    diff-lcs (1.1.3)
    eventmachine (1.0.3-java)
    facter (1.7.1)
    ffi (1.1.5-java)
    file-tail (1.0.12)
      tins (~> 0.5)
    gherkin (2.11.5-java)
      json (>= 1.4.6)
    git (1.2.5)
    jruby-openssl (0.8.8)
      bouncy-castle-java (>= 1.5.0147)
    json (1.8.0-java)
    libwebsocket (0.1.5)
      addressable
    little-plugger (1.1.3)
    logging (1.8.0)
      little-plugger (>= 1.1.3)
      multi_json (>= 1.3.6)
    maestro_agent (1.10.0)
      andand (>= 1.3.1)
      builder (= 2.1.2)
      columnize (= 0.3.6)
      eventmachine (>= 0.12.10)
      facter (>= 1.6.3)
      jruby-openssl
      json (>= 1.4.6)
      logging (= 1.8.0)
      maestro_plugin (>= 0.0.2)
      metaclass
      minitar (>= 0.5.3)
      net-scp (= 1.0.4)
      net-ssh (= 2.2.1)
      onstomp (= 1.0.5)
      rake (>= 0.9.2.2)
      rest-client (= 1.6.7)
      ruote (~> 2.2.1.maestro)
      sexp_processor (= 3.0.9)
      uuidtools (>= 2.1.2)
      xml-simple (= 1.1.1)
    maestro_plugin (0.0.5)
      json (>= 1.4.6)
      logging (= 1.8.0)
      rubyzip (= 0.9.8)
    metaclass (0.0.1)
    mime-types (1.23)
    minitar (0.5.4)
    multi_json (1.3.6)
    net-scp (1.0.4)
      net-ssh (>= 1.99.1)
    net-ssh (2.2.1)
    nokogiri (1.5.5-java)
    onstomp (1.0.5)
    parslet (1.2.1)
      blankslate (~> 2.0)
    rack (1.4.1)
    rack-test (0.6.2)
      rack (>= 1.0)
    rake (10.0.4)
    rest-client (1.6.7)
      mime-types (>= 1.16)
    rspec (2.11.0)
      rspec-core (~> 2.11.0)
      rspec-expectations (~> 2.11.0)
      rspec-mocks (~> 2.11.0)
    rspec-core (2.11.1)
    rspec-expectations (2.11.3)
      diff-lcs (~> 1.1.3)
    rspec-mocks (2.11.3)
    ruby2ruby (1.3.1)
      ruby_parser (~> 2.0)
      sexp_processor (~> 3.0)
    ruby_parser (2.3.1)
      sexp_processor (~> 3.0)
    rubyzip (0.9.8)
    rufus-cloche (1.0.4)
      rufus-json (>= 1.0.3)
    rufus-dollar (1.0.4)
    rufus-json (1.0.4)
    rufus-mnemo (1.2.3)
    rufus-scheduler (2.0.19)
      tzinfo (>= 0.3.23)
    rufus-treechecker (1.0.8)
      ruby_parser (>= 2.0.5)
    ruote (2.2.1.maestro)
      parslet (= 1.2.1)
      rufus-cloche (>= 1.0.1)
      rufus-dollar (>= 1.0.4)
      rufus-json (>= 1.0.1)
      rufus-mnemo (>= 1.1.0)
      rufus-scheduler (>= 2.0.9)
      rufus-treechecker (>= 1.0.6)
      sourcify (= 0.5.0)
    selenium-webdriver (2.25.0)
      childprocess (>= 0.2.5)
      libwebsocket (~> 0.1.3)
      multi_json (~> 1.0)
      rubyzip
    sexp_processor (3.0.9)
    sourcify (0.5.0)
      file-tail (>= 1.0.5)
      ruby2ruby (>= 1.2.5)
      ruby_parser (>= 2.0.5)
      sexp_processor (>= 3.0.5)
    tins (0.8.0)
    tzinfo (1.0.0)
    uuidtools (2.1.4)
    xml-simple (1.1.1)
    xpath (0.1.4)
      nokogiri (~> 1.3)
    zippy (0.2.1)
      rubyzip (>= 0.9.1)

PLATFORMS
  java

DEPENDENCIES
  capybara
  cucumber
  git
  maestro_agent (>= 1.2.0)
  nokogiri
  rake (>= 0.9.2)
  rspec
  zippy
